GEM
  remote: https://rubygems.org/
  specs:
    addressable (2.5.2)
      public_suffix (>= 2.0.2, < 4.0)
    atk (3.2.9)
      glib2 (= 3.2.9)
    cairo (1.15.14)
      native-package-installer (>= 1.0.3)
      pkg-config (>= 1.2.2)
    cairo-gobject (3.2.9)
      cairo
      glib2 (= 3.2.9)
    domain_name (0.5.20180417)
      unf (>= 0.0.5, < 1.0.0)
    filewatcher (1.0.1)
      trollop (~> 2.1, >= 2.1.2)
    gdk3 (3.2.9)
      cairo-gobject (= 3.2.9)
      gdk_pixbuf2 (= 3.2.9)
      pango (= 3.2.9)
    gdk_pixbuf2 (3.2.9)
      gio2 (= 3.2.9)
    gio2 (3.2.9)
      glib2 (= 3.2.9)
      gobject-introspection (= 3.2.9)
    glib2 (3.2.9)
      native-package-installer (>= 1.0.3)
      pkg-config (>= 1.2.2)
    gobject-introspection (3.2.9)
      glib2 (= 3.2.9)
    gtk3 (3.2.9)
      atk (= 3.2.9)
      gdk3 (= 3.2.9)
      gdk_pixbuf2 (= 3.2.9)
      gio2 (= 3.2.9)
      pango (= 3.2.9)
    http (3.3.0)
      addressable (~> 2.3)
      http-cookie (~> 1.0)
      http-form_data (~> 2.0)
      http_parser.rb (~> 0.6.0)
    http-cookie (1.0.3)
      domain_name (~> 0.5)
    http-form_data (2.1.1)
    http_parser.rb (0.6.0)
    insensitive_hash (0.3.3)
    native-package-installer (1.0.6)
    pango (3.2.9)
      cairo-gobject (= 3.2.9)
      gobject-introspection (= 3.2.9)
    pkg-config (1.3.1)
    public_suffix (3.0.3)
    steam_codec (0.0.4)
      insensitive_hash (~> 0.3, >= 0.3.3)
    trollop (2.9.9)
    unf (0.1.4)
      unf_ext
    unf_ext (0.0.7.5)

PLATFORMS
  ruby

DEPENDENCIES
  filewatcher
  gtk3
  http
  steam_codec

BUNDLED WITH
   1.16.2
